GEM
  remote: https://rubygems.org/
  specs:
    coderay (1.1.3)
    dotenv (2.8.1)
    dropbox-sign (1.2.0)
      typhoeus (~> 1.0, >= 1.0.1)
    ethon (0.16.0)
      ffi (>= 1.15.0)
    ffi (1.16.3)
    method_source (1.0.0)
    pry (0.14.2)
      coderay (~> 1.1)
      method_source (~> 1.0)
    signal (1.3.1)
      voltage
    typhoeus (1.4.1)
      ethon (>= 0.9.0)
    voltage (0.1.0)

PLATFORMS
  arm64-darwin-22

DEPENDENCIES
  dotenv
  dropbox-sign
  pry
  signal

RUBY VERSION
   ruby 3.2.0p0

BUNDLED WITH
   2.4.6
